GEM
  remote: http://rubygems.org/
  specs:
    builder (3.0.0)
    childprocess (0.2.2)
      ffi (~> 1.0.6)
    cucumber (1.1.0)
      builder (>= 2.1.2)
      diff-lcs (>= 1.1.2)
      gherkin (~> 2.5.0)
      json (>= 1.4.6)
      term-ansicolor (>= 1.0.6)
    diff-lcs (1.1.3)
    ffi (1.0.9)
    gherkin (2.5.1)
      json (>= 1.4.6)
    headless (0.2.2)
    json (1.6.1)
    json_pure (1.6.1)
    rake (0.9.2)
    rspec (2.6.0)
      rspec-core (~> 2.6.0)
      rspec-expectations (~> 2.6.0)
      rspec-mocks (~> 2.6.0)
    rspec-core (2.6.4)
    rspec-expectations (2.6.0)
      diff-lcs (~> 1.1.2)
    rspec-mocks (2.6.0)
    rubyzip (0.9.4)
    selenium-webdriver (2.8.0)
      childprocess (>= 0.2.1)
      ffi (>= 1.0.7)
      json_pure
      rubyzip
    term-ansicolor (1.0.6)
    watir-page-helper (0.3.0)
      watir-webdriver (>= 0.2.0)
    watir-webdriver (0.3.5)
      selenium-webdriver (>= 0.2.2)

PLATFORMS
  ruby

DEPENDENCIES
  bundler (> 0)
  cucumber (> 0)
  headless (> 0)
  rake
  rspec (> 0)
  watir
  watir-page-helper (> 0)
  watir-webdriver (> 0)
